GEM
  remote: http://rubygems.org/
  specs:
    activemodel (3.0.1)
      activesupport (= 3.0.1)
      builder (~> 2.1.2)
      i18n (~> 0.4.1)
    activesupport (3.0.1)
    bson (1.1.2)
    bson_ext (1.1.2)
    builder (2.1.2)
    carrierwave (0.5.0)
      activesupport (~> 3.0.0)
    excon (0.2.4)
    fog (0.3.17)
      builder
      excon (>= 0.2.4)
      formatador (>= 0.0.15)
      json
      mime-types
      net-ssh (~> 2.0.23)
      nokogiri (~> 1.4.3.1)
      ruby-hmac
    formatador (0.0.15)
    haml (3.0.22)
    i18n (0.4.2)
    json (1.4.6)
    mime-types (1.16)
    mongo (1.1.2)
      bson (>= 1.1.1)
    mongoid (2.0.0.beta.20)
      activemodel (~> 3.0)
      mongo (~> 1.1)
      tzinfo (~> 0.3.22)
      will_paginate (~> 3.0.pre)
    net-ssh (2.0.23)
    nokogiri (1.4.3.1)
    rack (1.2.1)
    rdiscount (1.6.5)
    rmagick (2.13.1)
    ruby-hmac (0.4.0)
    sinatra (1.1.0)
      rack (~> 1.1)
      tilt (~> 1.1)
    tilt (1.1)
    tzinfo (0.3.23)
    will_paginate (3.0.pre2)

PLATFORMS
  ruby

DEPENDENCIES
  bson_ext (= 1.1.2)
  builder
  carrierwave
  fog
  haml
  mongoid (= 2.0.0.beta.20)
  rdiscount
  rmagick
  sinatra (= 1.1.0)
